GEM
  remote: http://rubygems.org/
  specs:
    mustermann (1.0.3)
    mysql2 (0.5.2)
    rack (2.0.6)
    rack-protection (2.0.5)
      rack
    sinatra (2.0.5)
      mustermann (~> 1.0)
      rack (~> 2.0)
      rack-protection (= 2.0.5)
      tilt (~> 2.0)
    tilt (2.0.9)

PLATFORMS
  ruby

DEPENDENCIES
  mysql2
  sinatra

RUBY VERSION
   ruby 2.4.5p335

BUNDLED WITH
   2.0.1
